GEM
  remote: https://rubygems.org/
  specs:
    puma (2.13.4)

PLATFORMS
  ruby

DEPENDENCIES
  puma
